GIT
  remote: git://github.com/seyhunak/twitter-bootstrap-rails.git
  revision: c6893c3db02108bcdee7f8f333531b99806779ac
  specs:
    twitter-bootstrap-rails (3.2.2)
      actionpack (>= 3.1)
      execjs (>= 2.2.2, >= 2.2)
      less-rails (>= 2.5.0)
      railties (>= 3.1)

GEM
  remote: https://rubygems.org/
  specs:
    Ascii85 (1.0.2)
    actionmailer (4.2.7)
      actionpack (= 4.2.7)
      actionview (= 4.2.7)
      activejob (= 4.2.7)
      mail (~> 2.5, >= 2.5.4)
      rails-dom-testing (~> 1.0, >= 1.0.5)
    actionpack (4.2.7)
      actionview (= 4.2.7)
      activesupport (= 4.2.7)
      rack (~> 1.6)
      rack-test (~> 0.6.2)
      rails-dom-testing (~> 1.0, >= 1.0.5)
      rails-html-sanitizer (~> 1.0, >= 1.0.2)
    actionview (4.2.7)
      activesupport (= 4.2.7)
      builder (~> 3.1)
      erubis (~> 2.7.0)
      rails-dom-testing (~> 1.0, >= 1.0.5)
      rails-html-sanitizer (~> 1.0, >= 1.0.2)
    activejob (4.2.7)
      activesupport (= 4.2.7)
      globalid (>= 0.3.0)
    activemodel (4.2.7)
      activesupport (= 4.2.7)
      builder (~> 3.1)
    activerecord (4.2.7)
      activemodel (= 4.2.7)
      activesupport (= 4.2.7)
      arel (~> 6.0)
    activesupport (4.2.7)
      i18n (~> 0.7)
      json (~> 1.7, >= 1.7.7)
      minitest (~> 5.1)
      thread_safe (~> 0.3, >= 0.3.4)
      tzinfo (~> 1.1)
    addressable (2.4.0)
    afm (0.2.2)
    arel (6.0.3)
    ast (2.2.0)
    audited (4.2.0)
      rails-observers (~> 0.1.2)
    audited-activerecord (4.2.0)
      activerecord (~> 4.0)
      audited (= 4.2.0)
    bcrypt (3.1.10)
    bcrypt-ruby (3.1.5)
      bcrypt (>= 3.1.3)
    better_errors (2.1.1)
      coderay (>= 1.0.0)
      erubis (>= 2.6.6)
      rack (>= 0.9.0)
    binding_of_caller (0.7.2)
      debug_inspector (>= 0.0.1)
    blabla (0.0.2)
    bootstrap-datepicker-rails (1.5.0)
      railties (>= 3.0)
    brI18n (3.3.0)
      actionpack (>= 3.0.0)
      activerecord (>= 3.0.0)
      activesupport (>= 3.0.0)
    brakeman (3.3.1)
    brazilian-rails (3.3.0)
      brI18n (= 3.3.0)
      brcep (= 3.3.0)
      brcpfcnpj (= 3.3.0)
      brdata (= 3.3.0)
      brdinheiro (= 3.3.0)
      brhelper (= 3.3.0)
      brnumeros (= 3.3.0)
      brstring (= 3.3.0)
    brcep (3.3.0)
    brcpfcnpj (3.3.0)
      actionpack (>= 3.0.0)
      activesupport (>= 3.0.0)
    brdata (3.3.0)
      actionpack (>= 3.0.0)
      activesupport (>= 3.0.0)
    brdinheiro (3.3.0)
      actionpack (>= 3.0.0)
      activerecord (>= 3.0.0)
      brnumeros (= 3.3.0)
    brhelper (3.3.0)
      actionpack (>= 3.0.0)
      activesupport (>= 3.0.0)
    brnumeros (3.3.0)
    brstring (3.3.0)
      activesupport (>= 3.0.0)
    builder (3.2.2)
    bundler-audit (0.5.0)
      bundler (~> 1.2)
      thor (~> 0.18)
    byebug (8.2.1)
    cancancan (1.13.1)
    capybara (2.5.0)
      mime-types (>= 1.16)
      nokogiri (>= 1.3.3)
      rack (>= 1.0.0)
      rack-test (>= 0.5.4)
      xpath (~> 2.0)
    childprocess (0.5.8)
      ffi (~> 1.0, >= 1.0.11)
    chronic (0.10.2)
    coderay (1.1.1)
    coffee-rails (4.1.1)
      coffee-script (>= 2.2.0)
      railties (>= 4.0.0, < 5.1.x)
    coffee-script (2.4.1)
      coffee-script-source
      execjs
    coffee-script-source (1.10.0)
    commonjs (0.2.7)
    concurrent-ruby (1.0.2)
    cvss (0.99.0)
    data_mapper (1.2.0)
      dm-aggregates (~> 1.2.0)
      dm-constraints (~> 1.2.0)
      dm-core (~> 1.2.0)
      dm-migrations (~> 1.2.0)
      dm-serializer (~> 1.2.0)
      dm-timestamps (~> 1.2.0)
      dm-transactions (~> 1.2.0)
      dm-types (~> 1.2.0)
      dm-validations (~> 1.2.0)
    data_objects (0.10.17)
      addressable (~> 2.1)
    database_cleaner (1.5.1)
    dawnscanner (1.6.2)
      cvss
      data_mapper
      dm-sqlite-adapter
      haml
      justify
      logger-colors
      ptools
      ruby_parser
      sqlite3
      sys-uname
      terminal-table
    debug_inspector (0.0.2)
    devise (3.5.3)
      bcrypt (~> 3.0)
      orm_adapter (~> 0.1)
      railties (>= 3.2.6, < 5)
      responders
      thread_safe (~> 0.1)
      warden (~> 1.2.3)
    diff-lcs (1.2.5)
    dm-aggregates (1.2.0)
      dm-core (~> 1.2.0)
    dm-constraints (1.2.0)
      dm-core (~> 1.2.0)
    dm-core (1.2.1)
      addressable (~> 2.3)
    dm-do-adapter (1.2.0)
      data_objects (~> 0.10.6)
      dm-core (~> 1.2.0)
    dm-migrations (1.2.0)
      dm-core (~> 1.2.0)
    dm-serializer (1.2.2)
      dm-core (~> 1.2.0)
      fastercsv (~> 1.5)
      json (~> 1.6)
      json_pure (~> 1.6)
      multi_json (~> 1.0)
    dm-sqlite-adapter (1.2.0)
      dm-do-adapter (~> 1.2.0)
      do_sqlite3 (~> 0.10.6)
    dm-timestamps (1.2.0)
      dm-core (~> 1.2.0)
    dm-transactions (1.2.0)
      dm-core (~> 1.2.0)
    dm-types (1.2.2)
      bcrypt-ruby (~> 3.0)
      dm-core (~> 1.2.0)
      fastercsv (~> 1.5)
      json (~> 1.6)
      multi_json (~> 1.0)
      stringex (~> 1.4)
      uuidtools (~> 2.1)
    dm-validations (1.2.0)
      dm-core (~> 1.2.0)
    do_sqlite3 (0.10.17)
      data_objects (= 0.10.17)
    docile (1.1.5)
    erubis (2.7.0)
    execjs (2.6.0)
    factory_girl (4.5.0)
      activesupport (>= 3.0.0)
    factory_girl_rails (4.5.0)
      factory_girl (~> 4.5.0)
      railties (>= 3.0.0)
    faker (1.6.3)
      i18n (~> 0.5)
    fastercsv (1.5.5)
    ffi (1.9.10)
    figaro (1.1.1)
      thor (~> 0.14)
    globalid (0.3.6)
      activesupport (>= 4.1.0)
    haml (4.0.7)
      tilt
    hashery (2.1.2)
    html_validation (1.1.3)
    i18n (0.7.0)
    jbuilder (2.3.2)
      activesupport (>= 3.0.0, < 5)
      multi_json (~> 1.2)
    jquery-rails (4.0.5)
      rails-dom-testing (~> 1.0)
      railties (>= 4.2.0)
      thor (>= 0.14, < 2.0)
    jquery-tablesorter (1.20.0)
      railties (>= 3.2, < 5)
    jquery-turbolinks (2.1.0)
      railties (>= 3.1.0)
      turbolinks
    json (1.8.3)
    json_pure (1.8.3)
    justify (1.0.2)
    launchy (2.4.3)
      addressable (~> 2.3)
    less (2.6.0)
      commonjs (~> 0.2.7)
    less-rails (2.7.0)
      actionpack (>= 4.0)
      less (~> 2.6.0)
      sprockets (> 2, < 4)
      tilt
    logger-colors (1.0.0)
    loofah (2.0.3)
      nokogiri (>= 1.5.9)
    mail (2.6.4)
      mime-types (>= 1.16, < 4)
    mime-types (3.1)
      mime-types-data (~> 3.2015)
    mime-types-data (3.2016.0521)
    mini_portile2 (2.1.0)
    minitest (5.9.0)
    multi_json (1.11.2)
    nokogiri (1.6.8)
      mini_portile2 (~> 2.1.0)
      pkg-config (~> 1.1.7)
    orm_adapter (0.5.0)
    parser (2.3.1.2)
      ast (~> 2.2)
    pdf-core (0.6.0)
    pdf-inspector (1.2.1)
      pdf-reader (~> 1.0)
    pdf-reader (1.4.0)
      Ascii85 (~> 1.0.0)
      afm (~> 0.2.1)
      hashery (~> 2.0)
      ruby-rc4
      ttfunk
    pg (0.18.4)
    pkg-config (1.1.7)
    powerpack (0.1.1)
    prawn (2.0.2)
      pdf-core (~> 0.6.0)
      ttfunk (~> 1.4.0)
    prawn-table (0.2.2)
      prawn (>= 1.3.0, < 3.0.0)
    ptools (1.3.3)
    rack (1.6.4)
    rack-test (0.6.3)
      rack (>= 1.0)
    rails (4.2.7)
      actionmailer (= 4.2.7)
      actionpack (= 4.2.7)
      actionview (= 4.2.7)
      activejob (= 4.2.7)
      activemodel (= 4.2.7)
      activerecord (= 4.2.7)
      activesupport (= 4.2.7)
      bundler (>= 1.3.0, < 2.0)
      railties (= 4.2.7)
      sprockets-rails
    rails-deprecated_sanitizer (1.0.3)
      activesupport (>= 4.2.0.alpha)
    rails-dom-testing (1.0.7)
      activesupport (>= 4.2.0.beta, < 5.0)
      nokogiri (~> 1.6.0)
      rails-deprecated_sanitizer (>= 1.0.1)
    rails-html-sanitizer (1.0.3)
      loofah (~> 2.0)
    rails-observers (0.1.2)
      activemodel (~> 4.0)
    railties (4.2.7)
      actionpack (= 4.2.7)
      activesupport (= 4.2.7)
      rake (>= 0.8.7)
      thor (>= 0.18.1, < 2.0)
    rainbow (2.1.0)
    rake (11.2.2)
    rdoc (4.2.0)
    responders (2.1.0)
      railties (>= 4.2.0, < 5)
    roo (2.1.1)
      nokogiri (~> 1)
      rubyzip (~> 1.1, < 2.0.0)
    roo-xls (1.0.0)
      nokogiri
      roo (>= 2.0.0beta1, < 3)
      spreadsheet (> 0.9.0)
    rspec-collection_matchers (1.1.2)
      rspec-expectations (>= 2.99.0.beta1)
    rspec-core (3.4.4)
      rspec-support (~> 3.4.0)
    rspec-expectations (3.4.0)
      diff-lcs (>= 1.2.0, < 2.0)
      rspec-support (~> 3.4.0)
    rspec-mocks (3.4.1)
      diff-lcs (>= 1.2.0, < 2.0)
      rspec-support (~> 3.4.0)
    rspec-rails (3.4.2)
      actionpack (>= 3.0, < 4.3)
      activesupport (>= 3.0, < 4.3)
      railties (>= 3.0, < 4.3)
      rspec-core (~> 3.4.0)
      rspec-expectations (~> 3.4.0)
      rspec-mocks (~> 3.4.0)
      rspec-support (~> 3.4.0)
    rspec-support (3.4.1)
    rubocop (0.40.0)
      parser (>= 2.3.1.0, < 3.0)
      powerpack (~> 0.1)
      rainbow (>= 1.99.1, < 3.0)
      ruby-progressbar (~> 1.7)
      unicode-display_width (~> 1.0, >= 1.0.1)
    rubocop-rspec (1.5.0)
      rubocop (>= 0.40.0)
    ruby-ole (1.2.11.8)
    ruby-progressbar (1.8.1)
    ruby-rc4 (0.1.5)
    ruby_parser (3.8.2)
      sexp_processor (~> 4.1)
    rubyzip (1.1.7)
    sass (3.4.20)
    sass-rails (5.0.4)
      railties (>= 4.0.0, < 5.0)
      sass (~> 3.1)
      sprockets (>= 2.8, < 4.0)
      sprockets-rails (>= 2.0, < 4.0)
      tilt (>= 1.1, < 3)
    sdoc (0.4.1)
      json (~> 1.7, >= 1.7.7)
      rdoc (~> 4.0)
    selenium-webdriver (2.48.1)
      childprocess (~> 0.5)
      multi_json (~> 1.0)
      rubyzip (~> 1.0)
      websocket (~> 1.0)
    sexp_processor (4.7.0)
    shoulda-matchers (3.1.1)
      activesupport (>= 4.0.0)
    simplecov (0.11.2)
      docile (~> 1.1.0)
      json (~> 1.8)
      simplecov-html (~> 0.10.0)
    simplecov-html (0.10.0)
    spreadsheet (1.1.0)
      ruby-ole (>= 1.0)
    spring (1.6.0)
    sprockets (3.6.3)
      concurrent-ruby (~> 1.0)
      rack (> 1, < 3)
    sprockets-rails (3.1.1)
      actionpack (>= 4.0)
      activesupport (>= 4.0)
      sprockets (>= 3.0.0)
    sqlite3 (1.3.11)
    stringex (1.5.1)
    sys-uname (1.0.2)
      ffi (>= 1.0.0)
    terminal-table (1.6.0)
    thor (0.19.1)
    thread_safe (0.3.5)
    tilt (2.0.1)
    ttfunk (1.4.0)
    turbolinks (2.5.3)
      coffee-rails
    tzinfo (1.2.2)
      thread_safe (~> 0.1)
    uglifier (2.7.2)
      execjs (>= 0.3.0)
      json (>= 1.8.0)
    unicode-display_width (1.0.5)
    uuidtools (2.1.5)
    warden (1.2.4)
      rack (>= 1.0)
    web-console (2.2.1)
      activemodel (>= 4.0)
      binding_of_caller (>= 0.7.2)
      railties (>= 4.0)
      sprockets-rails (>= 2.0, < 4.0)
    websocket (1.2.2)
    whenever (0.9.4)
      chronic (>= 0.6.3)
    whenever-test (1.0.0)
      whenever
    xpath (2.0.0)
      nokogiri (~> 1.3)

PLATFORMS
  ruby

DEPENDENCIES
  audited-activerecord (~> 4.0)
  better_errors
  binding_of_caller
  blabla (~> 0.0.2)
  bootstrap-datepicker-rails
  brakeman
  brazilian-rails
  bundler-audit
  byebug
  cancancan (~> 1.10)
  capybara
  coffee-rails (~> 4.1.0)
  database_cleaner
  dawnscanner
  devise
  factory_girl_rails (~> 4.0)
  faker (~> 1.4, >= 1.4.3)
  figaro
  html_validation
  jbuilder (~> 2.0)
  jquery-rails
  jquery-tablesorter
  jquery-turbolinks
  launchy
  pdf-inspector
  pg
  prawn
  prawn-table
  rails (= 4.2.7)
  roo (~> 2.1.0)
  roo-xls
  rspec-collection_matchers
  rspec-rails (~> 3.0)
  rubocop
  rubocop-rspec
  sass-rails (~> 5.0)
  sdoc (~> 0.4.0)
  selenium-webdriver
  shoulda-matchers (~> 3.1)
  simplecov
  spring
  sqlite3
  turbolinks
  twitter-bootstrap-rails!
  uglifier (>= 1.3.0)
  web-console (~> 2.0)
  whenever
  whenever-test

BUNDLED WITH
   1.11.2
